GEM
  remote: https://rubygems.org/
  specs:
    minitest (5.22.3)

PLATFORMS
  x64-mingw-ucrt

DEPENDENCIES
  minitest

BUNDLED WITH
   2.5.10
